GEM
  remote: https://rubygems.org/
  specs:
    hpricot (0.8.6)
    json (2.5.1)

PLATFORMS
  ruby

DEPENDENCIES
  hpricot
  json

BUNDLED WITH
   2.1.2
